PATH
  remote: .
  specs:
    todo_sync (0.0.1)
      activesupport (~> 5.1)
      json (~> 2.1)
      junk_drawer (~> 1.5)
      launchy (~> 2.4)
      rainbow (~> 3.0)
      tty-prompt (~> 0.16)
      typhoeus (~> 1.3)

GEM
  remote: https://rubygems.org/
  specs:
    activesupport (5.2.0)
      concurrent-ruby (~> 1.0, >= 1.0.2)
      i18n (>= 0.7, < 2)
      minitest (~> 5.1)
      tzinfo (~> 1.1)
    addressable (2.5.2)
      public_suffix (>= 2.0.2, < 4.0)
    ast (2.4.0)
    byebug (10.0.2)
    coderay (1.1.2)
    concurrent-ruby (1.0.5)
    crack (0.4.3)
      safe_yaml (~> 1.0.0)
    diff-lcs (1.3)
    docile (1.3.1)
    equatable (0.5.0)
    ethon (0.11.0)
      ffi (>= 1.3.0)
    ffi (1.9.25)
    formatador (0.2.5)
    guard (2.14.2)
      formatador (>= 0.2.4)
      listen (>= 2.7, < 4.0)
      lumberjack (>= 1.0.12, < 2.0)
      nenv (~> 0.1)
      notiffany (~> 0.0)
      pry (>= 0.9.12)
      shellany (~> 0.0)
      thor (>= 0.18.1)
    guard-compat (1.2.1)
    guard-rspec (4.7.3)
      guard (~> 2.1)
      guard-compat (~> 1.1)
      rspec (>= 2.99.0, < 4.0)
    guard-rubocop (1.3.0)
      guard (~> 2.0)
      rubocop (~> 0.20)
    hashdiff (0.3.7)
    hitimes (1.3.0)
    i18n (1.0.1)
      concurrent-ruby (~> 1.0)
    jaro_winkler (1.5.1)
    json (2.1.0)
    junk_drawer (1.5.0)
    launchy (2.4.3)
      addressable (~> 2.3)
    listen (3.1.5)
      rb-fsevent (~> 0.9, >= 0.9.4)
      rb-inotify (~> 0.9, >= 0.9.7)
      ruby_dep (~> 1.2)
    lumberjack (1.0.13)
    method_source (0.9.0)
    minitest (5.11.3)
    necromancer (0.4.0)
    nenv (0.3.0)
    notiffany (0.1.1)
      nenv (~> 0.1)
      shellany (~> 0.0)
    parallel (1.12.1)
    parser (2.5.1.0)
      ast (~> 2.4.0)
    pastel (0.7.2)
      equatable (~> 0.5.0)
      tty-color (~> 0.4.0)
    powerpack (0.1.2)
    pry (0.11.3)
      coderay (~> 1.1.0)
      method_source (~> 0.9.0)
    public_suffix (3.0.2)
    rainbow (3.0.0)
    rake (12.3.1)
    rb-fsevent (0.10.3)
    rb-inotify (0.9.10)
      ffi (>= 0.5.0, < 2)
    rspec (3.7.0)
      rspec-core (~> 3.7.0)
      rspec-expectations (~> 3.7.0)
      rspec-mocks (~> 3.7.0)
    rspec-core (3.7.1)
      rspec-support (~> 3.7.0)
    rspec-expectations (3.7.0)
      diff-lcs (>= 1.2.0, < 2.0)
      rspec-support (~> 3.7.0)
    rspec-mocks (3.7.0)
      diff-lcs (>= 1.2.0, < 2.0)
      rspec-support (~> 3.7.0)
    rspec-support (3.7.1)
    rubocop (0.57.2)
      jaro_winkler (~> 1.5.1)
      parallel (~> 1.10)
      parser (>= 2.5)
      powerpack (~> 0.1)
      rainbow (>= 2.2.2, < 4.0)
      ruby-progressbar (~> 1.7)
      unicode-display_width (~> 1.0, >= 1.0.1)
    rubocop-rspec (1.27.0)
      rubocop (>= 0.56.0)
    ruby-progressbar (1.9.0)
    ruby_dep (1.5.0)
    safe_yaml (1.0.4)
    shellany (0.0.1)
    simplecov (0.16.1)
      docile (~> 1.1)
      json (>= 1.8, < 3)
      simplecov-html (~> 0.10.0)
    simplecov-html (0.10.2)
    thor (0.20.0)
    thread_safe (0.3.6)
    timers (4.1.2)
      hitimes
    tty-color (0.4.2)
    tty-cursor (0.5.0)
    tty-prompt (0.16.1)
      necromancer (~> 0.4.0)
      pastel (~> 0.7.0)
      timers (~> 4.0)
      tty-cursor (~> 0.5.0)
      tty-reader (~> 0.3.0)
    tty-reader (0.3.0)
      tty-cursor (~> 0.5.0)
      tty-screen (~> 0.6.4)
      wisper (~> 2.0.0)
    tty-screen (0.6.4)
    typhoeus (1.3.0)
      ethon (>= 0.9.0)
    tzinfo (1.2.5)
      thread_safe (~> 0.1)
    unicode-display_width (1.4.0)
    vcr (4.0.0)
    webmock (3.4.2)
      addressable (>= 2.3.6)
      crack (>= 0.3.2)
      hashdiff
    wisper (2.0.0)

PLATFORMS
  ruby

DEPENDENCIES
  bundler (~> 1.11)
  byebug (~> 10.0)
  guard (~> 2.14)
  guard-rspec (~> 4.7)
  guard-rubocop (~> 1.3)
  rake (~> 12.3)
  rspec (~> 3.0)
  rubocop (= 0.57.2)
  rubocop-rspec (= 1.27.0)
  simplecov (~> 0.16)
  todo_sync!
  vcr (~> 4.0)
  webmock (~> 3.4)

BUNDLED WITH
   1.16.1
